GIT
  remote: https://gitlab.cs.fau.de/aorta-public/rb-lpsolve.git
  revision: 6daf570e9da3b390c5a22738ecd1d439493783c4
  specs:
    lpsolve (5.5.10.j)

GEM
  remote: https://rubygems.org/
  specs:
    addressable (2.7.0)
      public_suffix (>= 2.0.2, < 5.0)
    ast (2.4.0)
    axiom-types (0.1.1)
      descendants_tracker (~> 0.0.4)
      ice_nine (~> 0.11.0)
      thread_safe (~> 0.3, >= 0.3.1)
    byebug (11.0.1)
    codeclimate-engine-rb (0.4.1)
      virtus (~> 1.0)
    coderay (1.1.2)
    coercible (1.0.0)
      descendants_tracker (~> 0.0.1)
    descendants_tracker (0.0.4)
      thread_safe (~> 0.3, >= 0.3.1)
    equalizer (0.0.11)
    faraday (1.0.0)
      multipart-post (>= 1.2, < 3)
    gitlab (4.13.1)
      httparty (~> 0.14, >= 0.14.0)
      terminal-table (~> 1.5, >= 1.5.1)
    httparty (0.17.3)
      mime-types (~> 3.0)
      multi_xml (>= 0.5.2)
    ice_nine (0.11.2)
    io-console (0.5.4)
    irb (1.2.1)
      reline (>= 0.0.1)
    jaro_winkler (1.5.4)
    kwalify (0.7.2)
    method_source (0.9.2)
    mime-types (3.3.1)
      mime-types-data (~> 3.2015)
    mime-types-data (3.2019.1009)
    multi_xml (0.6.0)
    multipart-post (2.1.1)
    octokit (4.15.0)
      faraday (>= 0.9)
      sawyer (~> 0.8.0, >= 0.5.3)
    parallel (1.19.1)
    parser (2.6.5.0)
      ast (~> 2.4.0)
    power_assert (1.1.5)
    pronto (0.10.0)
      gitlab (~> 4.0, >= 4.0.0)
      httparty (>= 0.13.7)
      octokit (~> 4.7, >= 4.7.0)
      rainbow (>= 2.2, < 4.0)
      rugged (~> 0.24, >= 0.23.0)
      thor (~> 0.20.0)
    pronto-rubocop (0.10.0)
      pronto (~> 0.10.0)
      rubocop (~> 0.50, >= 0.49.1)
    pry (0.12.2)
      coderay (~> 1.1.0)
      method_source (~> 0.9.0)
    pry-byebug (3.7.0)
      byebug (~> 11.0)
      pry (~> 0.10)
    psych (3.1.0)
    public_suffix (4.0.3)
    rainbow (3.0.0)
    reek (5.5.0)
      codeclimate-engine-rb (~> 0.4.0)
      kwalify (~> 0.7.0)
      parser (>= 2.5.0.0, < 2.7, != 2.5.1.1)
      psych (~> 3.1.0)
      rainbow (>= 2.0, < 4.0)
    reline (0.1.2)
      io-console (~> 0.5)
    rexml (3.2.3)
    rsec (1.0.0)
    rubocop (0.78.0)
      jaro_winkler (~> 1.5.1)
      parallel (~> 1.10)
      parser (>= 2.6)
      rainbow (>= 2.2.2, < 4.0)
      ruby-progressbar (~> 1.7)
      unicode-display_width (>= 1.4.0, < 1.7)
    ruby-graphviz (1.2.4)
    ruby-progressbar (1.10.1)
    rugged (0.28.4.1)
    sawyer (0.8.2)
      addressable (>= 2.3.5)
      faraday (> 0.8, < 2.0)
    sorbet (0.5.5226)
      sorbet-static (= 0.5.5226)
    sorbet-runtime (0.5.5226)
    sorbet-static (0.5.5226-universal-darwin-14)
    terminal-table (1.8.0)
      unicode-display_width (~> 1.1, >= 1.1.1)
    test-unit (3.3.4)
      power_assert
    thor (0.20.3)
    thread_safe (0.3.6)
    unicode-display_width (1.6.0)
    virtus (1.0.5)
      axiom-types (~> 0.1)
      coercible (~> 1.0)
      descendants_tracker (~> 0.0, >= 0.0.3)
      equalizer (~> 0.0, >= 0.0.9)

PLATFORMS
  ruby

DEPENDENCIES
  irb
  kwalify
  lpsolve!
  pronto
  pronto-rubocop
  pry-byebug
  reek
  rexml
  rsec
  rubocop
  ruby-graphviz
  sorbet
  sorbet-runtime
  test-unit
