GIT
  remote: git@gitlab.cs.fau.de:SWAN/rb-lpsolve.git
  revision: 2b357fc8d2746c6cf796097f13ad675227453f1d
  specs:
    lpsolve (5.5.10.j)

GEM
  remote: https://rubygems.org/
  specs:
    byebug (10.0.0)
    coderay (1.1.2)
    kwalify (0.7.2)
    method_source (0.9.0)
    pry (0.11.3)
      coderay (~> 1.1.0)
      method_source (~> 0.9.0)
    pry-byebug (3.6.0)
      byebug (~> 10.0)
      pry (~> 0.10)
    rsec (0.4.2)
    ruby-graphviz (1.2.3)

PLATFORMS
  ruby

DEPENDENCIES
  kwalify
  lpsolve!
  pry-byebug
  rsec
  ruby-graphviz

BUNDLED WITH
   1.16.1
